GIT
  remote: https://github.com/alexquintino/track_parser.git
  revision: a5f630f908ec1f3f91b1589eccba9ce19467e186
  specs:
    track_parser (1.0.0)
      ast

GEM
  remote: https://rubygems.org/
  specs:
    ast (2.0.0)
    coderay (1.1.0)
    faraday (0.9.0)
      multipart-post (>= 1.2, < 3)
    hashie (3.3.2)
    jwt (1.2.0)
    method_source (0.8.2)
    multi_json (1.10.1)
    multi_xml (0.5.5)
    multipart-post (2.0.0)
    netrc (0.7.9)
    oauth2 (1.0.0)
      faraday (>= 0.8, < 0.10)
      jwt (~> 1.0)
      multi_json (~> 1.3)
      multi_xml (~> 0.5)
      rack (~> 1.2)
    omniauth (1.2.2)
      hashie (>= 1.2, < 4)
      rack (~> 1.0)
    omniauth-oauth2 (1.2.0)
      faraday (>= 0.8, < 0.10)
      multi_json (~> 1.3)
      oauth2 (~> 1.0)
      omniauth (~> 1.2)
    pry (0.9.12.6)
      coderay (~> 1.0)
      method_source (~> 0.8)
      slop (~> 3.4)
    rack (1.5.2)
    rest_client (1.8.2)
      netrc (~> 0.7.7)
    rspotify (1.8.0)
      omniauth-oauth2 (~> 1.1)
      rest_client (~> 1.8)
    slop (3.5.0)

PLATFORMS
  ruby

DEPENDENCIES
  pry
  rspotify
  track_parser!
